PATH
  remote: .
  specs:
    sec_query (1.0.2)
      hpricot
      rest-client

GEM
  remote: http://rubygems.org/
  specs:
    diff-lcs (1.1.3)
    hpricot (0.8.6)
    mime-types (1.21)
    rest-client (1.6.7)
      mime-types (>= 1.16)
    rspec (2.7.0)
      rspec-core (~> 2.7.0)
      rspec-expectations (~> 2.7.0)
      rspec-mocks (~> 2.7.0)
    rspec-core (2.7.1)
    rspec-expectations (2.7.0)
      diff-lcs (~> 1.1.2)
    rspec-mocks (2.7.0)

PLATFORMS
  ruby

DEPENDENCIES
  rspec
  sec_query!
